BrainVision Data Exchange Header File Version 1.0
; Data created by the BrainVision Recorder

[Common Infos]
Codepage=UTF-8
DataFile=audvis64_ID001.eeg
MarkerFile=audvis64_ID001.vmrk
DataFormat=BINARY
; Data orientation: MULTIPLEXED=ch1,pt1, ch2,pt1 ...
DataOrientation=MULTIPLEXED
NumberOfChannels=63
; Sampling interval in microseconds
SamplingInterval=1000

[Binary Infos]
BinaryFormat=IEEE_FLOAT_32

[Channel Infos]
; Each entry: Ch<Channel number>=<Name>,<Reference channel name>,
; <Resolution in "Unit">,<Unit>, Future extensions..
; Fields are delimited by commas, some fields might be omitted (empty).
; Commas in channel names are coded as "\1".
Ch1=1,,0.0488281,µV
Ch2=3,,0.0488281,µV
Ch3=4,,0.0488281,µV
Ch4=5,,0.0488281,µV
Ch5=6,,0.0488281,µV
Ch6=7,,0.0488281,µV
Ch7=8,,0.0488281,µV
Ch8=9,,0.0488281,µV
Ch9=10,,0.0488281,µV
Ch10=11,,0.0488281,µV
Ch11=12,,0.0488281,µV
Ch12=13,,0.0488281,µV
Ch13=14,,0.0488281,µV
Ch14=15,,0.0488281,µV
Ch15=16,,0.0488281,µV
Ch16=17,,0.0488281,µV
Ch17=18,,0.0488281,µV
Ch18=19,,0.0488281,µV
Ch19=20,,0.0488281,µV
Ch20=21,,0.0488281,µV
Ch21=22,,0.0488281,µV
Ch22=23,,0.0488281,µV
Ch23=24,,0.0488281,µV
Ch24=25,,0.0488281,µV
Ch25=26,,0.0488281,µV
Ch26=27,,0.0488281,µV
Ch27=28,,0.0488281,µV
Ch28=29,,0.0488281,µV
Ch29=30,,0.0488281,µV
Ch30=31,,0.0488281,µV
Ch31=32,,0.0488281,µV
Ch32=33,,0.0488281,µV
Ch33=34,,0.0488281,µV
Ch34=35,,0.0488281,µV
Ch35=36,,0.0488281,µV
Ch36=37,,0.0488281,µV
Ch37=38,,0.0488281,µV
Ch38=39,,0.0488281,µV
Ch39=40,,0.0488281,µV
Ch40=41,,0.0488281,µV
Ch41=42,,0.0488281,µV
Ch42=43,,0.0488281,µV
Ch43=44,,0.0488281,µV
Ch44=45,,0.0488281,µV
Ch45=46,,0.0488281,µV
Ch46=47,,0.0488281,µV
Ch47=48,,0.0488281,µV
Ch48=49,,0.0488281,µV
Ch49=50,,0.0488281,µV
Ch50=51,,0.0488281,µV
Ch51=52,,0.0488281,µV
Ch52=53,,0.0488281,µV
Ch53=54,,0.0488281,µV
Ch54=55,,0.0488281,µV
Ch55=56,,0.0488281,µV
Ch56=57,,0.0488281,µV
Ch57=58,,0.0488281,µV
Ch58=59,,0.0488281,µV
Ch59=60,,0.0488281,µV
Ch60=61,,0.0488281,µV
Ch61=62,,0.0488281,µV
Ch62=63,,0.0488281,µV
Ch63=64,,0.0488281,µV

[Comment]

BrainVision Recorder Professional   -   V. 1.27.0101


A m p l i f i e r  S e t u p
============================
Number of channels: 63
Sampling Rate [Hz]: 1000
Sampling Interval [µS]: 1000

Channels
--------
#     Name      Phys. Chn.    Resolution / Unit   Low Cutoff [s]   High Cutoff [Hz]   Notch [Hz]    Gradient         Offset
1     1           1          0.0488281 µV             DC              280              Off
2     3           3          0.0488281 µV             DC              280              Off
3     4           4          0.0488281 µV             DC              280              Off
4     5           5          0.0488281 µV             DC              280              Off
5     6           6          0.0488281 µV             DC              280              Off
6     7           7          0.0488281 µV             DC              280              Off
7     8           8          0.0488281 µV             DC              280              Off
8     9           9          0.0488281 µV             DC              280              Off
9     10          10         0.0488281 µV             DC              280              Off
10    11          11         0.0488281 µV             DC              280              Off
11    12          12         0.0488281 µV             DC              280              Off
12    13          13         0.0488281 µV             DC              280              Off
13    14          14         0.0488281 µV             DC              280              Off
14    15          15         0.0488281 µV             DC              280              Off
15    16          16         0.0488281 µV             DC              280              Off
16    17          17         0.0488281 µV             DC              280              Off
17    18          18         0.0488281 µV             DC              280              Off
18    19          19         0.0488281 µV             DC              280              Off
19    20          20         0.0488281 µV             DC              280              Off
20    21          21         0.0488281 µV             DC              280              Off
21    22          22         0.0488281 µV             DC              280              Off
22    23          23         0.0488281 µV             DC              280              Off
23    24          24         0.0488281 µV             DC              280              Off
24    25          25         0.0488281 µV             DC              280              Off
25    26          26         0.0488281 µV             DC              280              Off
26    27          27         0.0488281 µV             DC              280              Off
27    28          28         0.0488281 µV             DC              280              Off
28    29          29         0.0488281 µV             DC              280              Off
29    30          30         0.0488281 µV             DC              280              Off
30    31          31         0.0488281 µV             DC              280              Off
31    32          32         0.0488281 µV             DC              280              Off
32    33          33         0.0488281 µV             DC              280              Off
33    34          34         0.0488281 µV             DC              280              Off
34    35          35         0.0488281 µV             DC              280              Off
35    36          36         0.0488281 µV             DC              280              Off
36    37          37         0.0488281 µV             DC              280              Off
37    38          38         0.0488281 µV             DC              280              Off
38    39          39         0.0488281 µV             DC              280              Off
39    40          40         0.0488281 µV             DC              280              Off
40    41          41         0.0488281 µV             DC              280              Off
41    42          42         0.0488281 µV             DC              280              Off
42    43          43         0.0488281 µV             DC              280              Off
43    44          44         0.0488281 µV             DC              280              Off
44    45          45         0.0488281 µV             DC              280              Off
45    46          46         0.0488281 µV             DC              280              Off
46    47          47         0.0488281 µV             DC              280              Off
47    48          48         0.0488281 µV             DC              280              Off
48    49          49         0.0488281 µV             DC              280              Off
49    50          50         0.0488281 µV             DC              280              Off
50    51          51         0.0488281 µV             DC              280              Off
51    52          52         0.0488281 µV             DC              280              Off
52    53          53         0.0488281 µV             DC              280              Off
53    54          54         0.0488281 µV             DC              280              Off
54    55          55         0.0488281 µV             DC              280              Off
55    56          56         0.0488281 µV             DC              280              Off
56    57          57         0.0488281 µV             DC              280              Off
57    58          58         0.0488281 µV             DC              280              Off
58    59          59         0.0488281 µV             DC              280              Off
59    60          60         0.0488281 µV             DC              280              Off
60    61          61         0.0488281 µV             DC              280              Off
61    62          62         0.0488281 µV             DC              280              Off
62    63          63         0.0488281 µV             DC              280              Off
63    64          64         0.0488281 µV             DC              280              Off

Reference Channel Name = 2
Reference Phys. Chn.   = 2
Use active/dry Electrodes = Yes 
Good Level [kOhms]     = 25
Bad Level [kOhms]      = 60
MY-Button Workspace    = C:\Vision\Workfiles\MYButton

Amplifier 
actiCHamp Base Unit (5002) 
  --- S/N 26040720 --- 
actiCHamp 32 CH Module
  --- Module 1 (5011): S/N 26031333 ---
  --- Module 2 (5011): S/N 25081297 ---
Version: DLL_27.18.06.25, DRV_03.04.01.146, CTRL_105.19.05.29, FPGA_67.00.00.00, DSP_105.19.02.27 


S o f t w a r e  F i l t e r s
==============================
Disabled


Data/Gnd Electrodes Selected Impedance Measurement Range: 25 - 60 kOhm
Impedance [kOhm] at 16:28:24 :
1:           35
2:           12
3:            8
4:           19
5:            3
6:           13
7:            4
8:            2
9:           39
10:           0
11:           5
12:          12
13:           4
14:          64
15:           1
16:           2
17:          12
18:          10
19:          33
20:           1
21:           9
22:          21
23:           9
24:          23
25:          11
26:           4
27:          36
28:           7
29:          39
30:          21
31:          24
32:          41
33:          11
34:           9
35:           6
36:          28
37:           3
38:          30
39:          17
40:           5
41:          35
42:           2
43:          25
44:          11
45:           7
46:          55
47:          19
48:          30
49:          11
50:          13
51:           9
52:           6
53:          76
54:           6
55:          13
56:           5
57:           1
58:          22
59:           5
60:          22
61:           4
62:          21
63:          24
64:          19
Gnd:         16
